PATH
  remote: ../lazy-data
  specs:
    lazy-data (0.1.0)

PATH
  remote: .
  specs:
    persistence (0.1.0)
      lazy-data (~> 0.1.0)
      sequel (~> 3.11.0)

GEM
  remote: http://rubygems.org/
  specs:
    json (1.5.1)
    mocha (0.9.12)
    sequel (3.11.0)
    test-spec (0.10.0)

PLATFORMS
  ruby

DEPENDENCIES
  json
  lazy-data!
  mocha
  persistence!
  test-spec
